GIT
  remote: https://github.com/evazion/ruby-booru.git
  revision: 7d17b92d2da493919828a37cdfad6e642c30864c
  tag: 0.2.0
  specs:
    ruby-booru (0.2.0)
      activesupport (~> 5)
      addressable (~> 2.5)
      connection_pool (~> 2.2)
      dotenv (~> 2)
      dtext_rb (~> 1.6)
      http (~> 3)
      retriable (~> 3)

GIT
  remote: https://github.com/r888888888/dtext_rb.git
  revision: ebeb807f4a33fb212d306ef90e1bc113b3533c25
  specs:
    dtext_rb (1.6.1)
      nokogiri (~> 1.8)

GEM
  remote: https://rubygems.org/
  specs:
    activesupport (5.1.4)
      concurrent-ruby (~> 1.0, >= 1.0.2)
      i18n (~> 0.7)
      minitest (~> 5.1)
      tzinfo (~> 1.1)
    addressable (2.5.2)
      public_suffix (>= 2.0.2, < 4.0)
    byebug (9.1.0)
    coderay (1.1.2)
    concurrent-ruby (1.0.5)
    connection_pool (2.2.1)
    domain_name (0.5.20170404)
      unf (>= 0.0.5, < 1.0.0)
    dotenv (2.2.1)
    http (3.0.0)
      addressable (~> 2.3)
      http-cookie (~> 1.0)
      http-form_data (>= 2.0.0.pre.pre2, < 3)
      http_parser.rb (~> 0.6.0)
    http-cookie (1.0.3)
      domain_name (~> 0.5)
    http-form_data (2.0.0)
    http_parser.rb (0.6.0)
    i18n (0.9.1)
      concurrent-ruby (~> 1.0)
    method_source (0.9.0)
    mini_portile2 (2.3.0)
    minitest (5.10.3)
    nokogiri (1.8.1)
      mini_portile2 (~> 2.3.0)
    pry (0.11.3)
      coderay (~> 1.1.0)
      method_source (~> 0.9.0)
    pry-byebug (3.5.1)
      byebug (~> 9.1)
      pry (~> 0.10)
    public_suffix (3.0.1)
    retriable (3.1.1)
    rmagick (2.16.0)
    thread_safe (0.3.6)
    tzinfo (1.2.4)
      thread_safe (~> 0.1)
    unf (0.1.4)
      unf_ext
    unf_ext (0.0.7.4)

PLATFORMS
  ruby

DEPENDENCIES
  activesupport
  dotenv
  dtext_rb!
  pry
  pry-byebug
  rmagick
  ruby-booru!

BUNDLED WITH
   1.16.0
